GEM
  remote: https://rubygems.org/
  specs:
    dangeru (1.0.0)
      http-cookie (>= 1.0)
      json
    domain_name (0.5.20170404)
      unf (>= 0.0.5, < 1.0.0)
    http-cookie (1.0.3)
      domain_name (~> 0.5)
    json (2.1.0)
    ncurses-ruby (1.2.4)
    unf (0.1.4)
      unf_ext
    unf_ext (0.0.7.4)

PLATFORMS
  ruby

DEPENDENCIES
  dangeru
  ncurses-ruby

BUNDLED WITH
   1.16.1
